GEM
  remote: http://rubygems.org/
  specs:
    coffee-script (2.2.0)
      coffee-script-source
      execjs
    coffee-script-source (1.2.0)
    execjs (1.3.0)
      multi_json (~> 1.0)
    multi_json (1.1.0)
    rake (0.9.2.2)
    uglifier (1.2.3)
      execjs (>= 0.3.0)
      multi_json (>= 1.0.2)

PLATFORMS
  ruby

DEPENDENCIES
  coffee-script (~> 2.2.0)
  coffee-script-source (~> 1.2.0)
  rake
  uglifier (~> 1.2.3)
